PATH
  remote: .
  specs:
    pdftoimage (0.2.1)
      iconv (~> 1.0)
      shellwords (~> 0.2.2)

GEM
  remote: https://rubygems.org/
  specs:
    ast (2.4.0)
    autotest (5.0.0)
      minitest-autotest (~> 1.0)
    diff-lcs (1.3)
    iconv (1.1.0)
    mini_magick (4.12.0)
    minitest (5.18.0)
    minitest-autotest (1.1.1)
      minitest-server (~> 1.0)
      path_expander (~> 1.0)
    minitest-server (1.0.7)
      minitest (~> 5.16)
    parallel (1.12.1)
    parser (2.5.1.0)
      ast (~> 2.4.0)
    path_expander (1.1.1)
    powerpack (0.1.1)
    rainbow (3.0.0)
    rake (12.3.3)
    rdoc (6.0.3)
    rspec (3.7.0)
      rspec-core (~> 3.7.0)
      rspec-expectations (~> 3.7.0)
      rspec-mocks (~> 3.7.0)
    rspec-core (3.7.1)
      rspec-support (~> 3.7.0)
    rspec-expectations (3.7.0)
      diff-lcs (>= 1.2.0, < 2.0)
      rspec-support (~> 3.7.0)
    rspec-mocks (3.7.0)
      diff-lcs (>= 1.2.0, < 2.0)
      rspec-support (~> 3.7.0)
    rspec-support (3.7.1)
    rubocop (0.55.0)
      parallel (~> 1.10)
      parser (>= 2.5)
      powerpack (~> 0.1)
      rainbow (>= 2.2.2, < 4.0)
      ruby-progressbar (~> 1.7)
      unicode-display_width (~> 1.0, >= 1.0.1)
    ruby-progressbar (1.9.0)
    shellwords (0.2.2)
    spork (0.9.2)
    unicode-display_width (1.3.2)
    yard (0.9.12)

PLATFORMS
  ruby

DEPENDENCIES
  autotest (~> 5.0)
  mini_magick
  pdftoimage!
  rake (< 13)
  rdoc
  rspec (>= 2.1.0)
  rubocop
  spork
  yard

BUNDLED WITH
   1.17.3
